PATH
  remote: .
  specs:
    pirata (0.1.5)
      nokogiri (~> 1.0)
      open_uri_redirections (~> 0.2)

GEM
  remote: https://rubygems.org/
  specs:
    mini_portile (0.6.2)
    nokogiri (1.6.6.2)
      mini_portile (~> 0.6.0)
    open_uri_redirections (0.2.1)

PLATFORMS
  ruby

DEPENDENCIES
  pirata!

BUNDLED WITH
   1.10.6
